GEM
  remote: https://rubygems.org/
  specs:
    activemodel (5.2.4.3)
      activesupport (= 5.2.4.3)
    activerecord (5.2.4.3)
      activemodel (= 5.2.4.3)
      activesupport (= 5.2.4.3)
      arel (>= 9.0)
    activesupport (5.2.4.3)
      concurrent-ruby (~> 1.0, >= 1.0.2)
      i18n (>= 0.7, < 2)
      minitest (~> 5.1)
      tzinfo (~> 1.1)
    arel (9.0.0)
    concurrent-ruby (1.1.6)
    httparty (0.18.0)
      mime-types (~> 3.0)
      multi_xml (>= 0.5.2)
    i18n (1.8.2)
      concurrent-ruby (~> 1.0)
    mime-types (3.3.1)
      mime-types-data (~> 3.2015)
    mime-types-data (3.2020.0512)
    mini_portile2 (2.6.1)
    minitest (5.14.1)
    multi_xml (0.6.0)
    nokogiri (1.12.5)
      mini_portile2 (~> 2.6.1)
      racc (~> 1.4)
    racc (1.5.2)
    rake (13.0.1)
    sorbet (0.5.5669)
      sorbet-static (= 0.5.5669)
    sorbet-runtime (0.5.5669)
    sorbet-static (0.5.5669-universal-darwin-14)
    sorbet-static (0.5.5669-universal-darwin-15)
    sorbet-static (0.5.5669-universal-darwin-16)
    sorbet-static (0.5.5669-universal-darwin-17)
    sorbet-static (0.5.5669-universal-darwin-18)
    sorbet-static (0.5.5669-universal-darwin-19)
    sorbet-static (0.5.5669-x86_64-linux)
    sqlite3 (1.4.2)
    thread_safe (0.3.6)
    tzinfo (1.2.7)
      thread_safe (~> 0.1)

PLATFORMS
  ruby

DEPENDENCIES
  activerecord
  httparty
  minitest
  nokogiri
  rake
  sorbet
  sorbet-runtime
  sqlite3

BUNDLED WITH
   2.1.4
